GIT
  remote: https://github.com/everypolitician/scraped.git
  revision: aabdf259f6cc2f746b50352e078a9141450e8d6e
  specs:
    scraped (0.1.0)
      field_serializer
      nokogiri
      require_all

GIT
  remote: https://github.com/openaustralia/scraperwiki-ruby.git
  revision: fc50176812505e463077d5c673d504a6a234aa78
  branch: morph_defaults
  specs:
    scraperwiki (3.0.1)
      httpclient
      sqlite_magic

GEM
  remote: https://rubygems.org/
  specs:
    coderay (1.1.0)
    colorize (0.7.7)
    excon (0.45.4)
    faraday (0.9.1)
      multipart-post (>= 1.2, < 3)
    faraday_middleware (0.10.0)
      faraday (>= 0.7.4, < 0.10)
    field_serializer (0.2.0)
    fuzzy_match (2.1.0)
    hashie (3.4.2)
    httpclient (2.6.0.1)
    method_source (0.8.2)
    mini_portile (0.6.2)
    multipart-post (2.0.0)
    nokogiri (1.6.6.2)
      mini_portile (~> 0.6.0)
    pry (0.10.1)
      coderay (~> 1.1.0)
      method_source (~> 0.8.1)
      slop (~> 3.4)
    require_all (1.3.3)
    slop (3.6.0)
    sqlite3 (1.3.10)
    sqlite_magic (0.0.3)
      sqlite3
    wikidata-client (0.0.7)
      excon (~> 0.40)
      faraday (~> 0.9)
      faraday_middleware (~> 0.9)
      hashie (~> 3.3)

PLATFORMS
  ruby

DEPENDENCIES
  colorize
  fuzzy_match
  pry
  require_all
  scraped!
  scraperwiki!
  wikidata-client (~> 0.0.7)

RUBY VERSION
   ruby 2.3.1p112

BUNDLED WITH
   1.13.6
