GIT
  remote: https://github.com/openaustralia/scraperwiki-ruby.git
  revision: fc50176812505e463077d5c673d504a6a234aa78
  branch: morph_defaults
  specs:
    scraperwiki (3.0.1)
      httpclient
      sqlite_magic

GEM
  remote: https://rubygems.org/
  specs:
    addressable (2.4.0)
    coderay (1.1.0)
    colorize (0.7.7)
    crack (0.4.3)
      safe_yaml (~> 1.0.0)
    excon (0.45.4)
    execjs (2.5.2)
    faraday (0.9.1)
      multipart-post (>= 1.2, < 3)
    faraday_middleware (0.10.0)
      faraday (>= 0.7.4, < 0.10)
    fuzzy_match (2.1.0)
    git (1.3.0)
    hashdiff (0.3.0)
    hashie (3.4.2)
    httpclient (2.6.0.1)
    method_source (0.8.2)
    mini_portile (0.6.2)
    multipart-post (2.0.0)
    nokogiri (1.6.6.2)
      mini_portile (~> 0.6.0)
    open-uri-cached (0.0.5)
    pry (0.10.1)
      coderay (~> 1.1.0)
      method_source (~> 0.8.1)
      slop (~> 3.4)
    safe_yaml (1.0.4)
    scraped_page_archive (0.4.1)
      git (~> 1.3.0)
      vcr-archive (~> 0.3.0)
    slop (3.6.0)
    sqlite3 (1.3.10)
    sqlite_magic (0.0.3)
      sqlite3
    vcr (3.0.3)
    vcr-archive (0.3.0)
      vcr (~> 3.0.2)
      webmock (~> 2.0.3)
    webmock (2.0.3)
      addressable (>= 2.3.6)
      crack (>= 0.3.2)
      hashdiff
    wikidata-client (0.0.7)
      excon (~> 0.40)
      faraday (~> 0.9)
      faraday_middleware (~> 0.9)
      hashie (~> 3.3)

PLATFORMS
  ruby

DEPENDENCIES
  colorize
  execjs
  fuzzy_match
  nokogiri
  open-uri-cached
  pry
  scraped_page_archive
  scraperwiki!
  wikidata-client (~> 0.0.7)

RUBY VERSION
   ruby 2.0.0p648

BUNDLED WITH
   1.12.5
