GIT
  remote: https://github.com/everypolitician/scraped.git
  revision: 7fd43913456af49d32e882d0cb79f3da1f5117ef
  specs:
    scraped (0.6.2)
      field_serializer (>= 0.3.0)
      nokogiri
      require_all

GIT
  remote: https://github.com/everypolitician/scraped_page_archive.git
  revision: a998412b541769fa205406aa56aee1cbb17c99bb
  specs:
    scraped_page_archive (0.5.0)
      git (~> 1.3.0)
      vcr-archive (~> 0.3.0)

GIT
  remote: https://github.com/everypolitician/scraper_test.git
  revision: 9b4326c1e04ea7c8caf368d99bb5ac3711726199
  specs:
    scraper_test (0.1.0)
      minitest (~> 5.0)
      pry
      vcr (>= 3.0.3)
      webmock (>= 2.0)

GIT
  remote: https://github.com/everypolitician/table_unspanner.git
  revision: a70a98a104a75b470f4ea339fdd728366a40b4d8
  specs:
    table_unspanner (0.1.0)
      nokogiri

GIT
  remote: https://github.com/openaustralia/scraperwiki-ruby.git
  revision: fc50176812505e463077d5c673d504a6a234aa78
  branch: morph_defaults
  specs:
    scraperwiki (3.0.1)
      httpclient
      sqlite_magic

GEM
  remote: https://rubygems.org/
  specs:
    addressable (2.5.2)
      public_suffix (>= 2.0.2, < 4.0)
    ast (2.4.0)
    coderay (1.1.2)
    crack (0.4.3)
      safe_yaml (~> 1.0.0)
    domain_name (0.5.20180417)
      unf (>= 0.0.5, < 1.0.0)
    field_serializer (0.3.0)
    git (1.3.0)
    hashdiff (0.3.7)
    http-cookie (1.0.3)
      domain_name (~> 0.5)
    httpclient (2.8.3)
    jaro_winkler (1.5.1)
    method_source (0.9.0)
    mime-types (3.2.2)
      mime-types-data (~> 3.2015)
    mime-types-data (3.2018.0812)
    mini_portile2 (2.3.0)
    minispec-metadata (2.0.0)
      minitest
    minitest (5.11.3)
    minitest-around (0.4.1)
      minitest (~> 5.0)
    minitest-vcr (1.4.0)
      minispec-metadata (~> 2.0)
      minitest (>= 4.7.5)
      vcr (>= 2.9)
    netrc (0.11.0)
    nokogiri (1.8.4)
      mini_portile2 (~> 2.3.0)
    open-uri-cached (0.0.5)
    parallel (1.12.1)
    parser (2.5.1.2)
      ast (~> 2.4.0)
    powerpack (0.1.2)
    pry (0.11.3)
      coderay (~> 1.1.0)
      method_source (~> 0.9.0)
    public_suffix (3.0.3)
    rainbow (3.0.0)
    rake (12.3.1)
    require_all (2.0.0)
    rest-client (2.0.2)
      http-cookie (>= 1.0.2, < 2.0)
      mime-types (>= 1.16, < 4.0)
      netrc (~> 0.8)
    rubocop (0.59.1)
      jaro_winkler (~> 1.5.1)
      parallel (~> 1.10)
      parser (>= 2.5, != 2.5.1.1)
      powerpack (~> 0.1)
      rainbow (>= 2.2.2, < 4.0)
      ruby-progressbar (~> 1.7)
      unicode-display_width (~> 1.0, >= 1.0.1)
    ruby-progressbar (1.10.0)
    safe_yaml (1.0.4)
    sqlite3 (1.3.13)
    sqlite_magic (0.0.6)
      sqlite3
    unf (0.1.4)
      unf_ext
    unf_ext (0.0.7.5)
    unicode-display_width (1.4.0)
    vcr (3.0.3)
    vcr-archive (0.3.0)
      vcr (~> 3.0.2)
      webmock (~> 2.0.3)
    webmock (2.0.3)
      addressable (>= 2.3.6)
      crack (>= 0.3.2)
      hashdiff

PLATFORMS
  ruby

DEPENDENCIES
  minitest
  minitest-around
  minitest-vcr
  nokogiri
  open-uri-cached
  pry
  rake
  rest-client
  rubocop
  scraped!
  scraped_page_archive!
  scraper_test!
  scraperwiki!
  table_unspanner!
  vcr
  webmock

RUBY VERSION
   ruby 2.3.3p222

BUNDLED WITH
   1.16.2
